GEM
  remote: https://rubygems.org/
  specs:
    coderay (1.1.1)
    method_source (0.8.2)
    pry (0.10.4)
      coderay (~> 1.1.0)
      method_source (~> 0.8.1)
      slop (~> 3.4)
    rack (1.6.5)
    rack-protection (1.5.3)
      rack
    sequel (4.45.0)
    sinatra (1.4.8)
      rack (~> 1.5)
      rack-protection (~> 1.4)
      tilt (>= 1.3, < 3)
    slop (3.6.0)
    sqlite3 (1.3.11)
    tilt (2.0.7)

PLATFORMS
  ruby

DEPENDENCIES
  pry
  sequel
  sinatra
  sqlite3

RUBY VERSION
   ruby 2.3.1p112

BUNDLED WITH
   1.14.4
